GIT
  remote: git://github.com/ctran/annotate_models.git
  revision: cca21f23c9925f21cdc444c24e6338721656b924
  specs:
    annotate (2.6.0.beta2)
      activerecord (>= 2.3.0)
      rake (>= 0.8.7)

GEM
  remote: https://rubygems.org/
  specs:
    actionmailer (2.3.18)
      actionpack (= 2.3.18)
    actionpack (2.3.18)
      activesupport (= 2.3.18)
      rack (~> 1.1.0)
    activerecord (2.3.18)
      activesupport (= 2.3.18)
    activerecord-mysql2-adapter (0.0.3)
      mysql2
    activeresource (2.3.18)
      activesupport (= 2.3.18)
    activesupport (2.3.18)
    airbrake (3.1.6)
      builder
      girl_friday
    builder (3.2.2)
    capistrano (2.15.5)
      highline
      net-scp (>= 1.0.0)
      net-sftp (>= 2.0.0)
      net-ssh (>= 2.0.14)
      net-ssh-gateway (>= 1.1.0)
    capistrano-ext (1.2.1)
      capistrano (>= 1.0.0)
    coderay (1.0.9)
    colorize (0.5.8)
    connection_pool (1.1.0)
    coveralls (0.6.7)
      colorize
      multi_json (~> 1.3)
      rest-client
      simplecov (>= 0.7)
      thor
    factory_girl (1.3.3)
    faraday (0.8.8)
      multipart-post (~> 1.2.0)
    girl_friday (0.11.2)
      connection_pool (~> 1.0)
      rubinius-actor
    gvis (1.0.2)
    highline (1.6.19)
    hoe (3.7.0)
      rake (>= 0.8, < 11.0)
    hpricot (0.8.6)
    method_source (0.8.2)
    mime-types (1.24)
    minitest (1.7.2)
    multi_json (1.7.9)
    multipart-post (1.2.0)
    mysql2 (0.3.13)
    net-scp (1.1.2)
      net-ssh (>= 2.6.5)
    net-sftp (2.1.2)
      net-ssh (>= 2.6.5)
    net-ssh (2.6.8)
    net-ssh-gateway (1.2.0)
      net-ssh (>= 2.6.5)
    pry (0.9.12.2)
      coderay (~> 1.0.5)
      method_source (~> 0.8)
      slop (~> 3.4)
    pry-remote (0.1.7)
      pry (~> 0.9)
      slop (~> 3.0)
    rack (1.1.6)
    rails (2.3.18)
      actionmailer (= 2.3.18)
      actionpack (= 2.3.18)
      activerecord (= 2.3.18)
      activeresource (= 2.3.18)
      activesupport (= 2.3.18)
      rake (>= 0.8.3)
    rake (0.9.2)
    rdoc (2.4.3)
      hoe (>= 1.12.1)
      minitest (~> 1.3)
    rest-client (1.6.7)
      mime-types (>= 1.16)
    rspec (1.3.2)
    rspec-rails (1.3.4)
      rack (>= 1.0.0)
      rspec (~> 1.3.1)
    rubinius-actor (0.0.2)
      rubinius-core-api
    rubinius-core-api (0.0.1)
    shorturl (1.0.0)
    simple_oauth (0.2.0)
    simplecov (0.7.1)
      multi_json (~> 1.0)
      simplecov-html (~> 0.7.1)
    simplecov-html (0.7.1)
    slop (3.4.6)
    test-unit (1.2.3)
      hoe (>= 1.5.1)
    thor (0.18.1)
    twitter (4.8.1)
      faraday (~> 0.8, < 0.10)
      multi_json (~> 1.0)
      simple_oauth (~> 0.2)
    will_paginate (2.3.16)

PLATFORMS
  ruby

DEPENDENCIES
  activerecord-mysql2-adapter (= 0.0.3)
  airbrake (= 3.1.6)
  annotate!
  capistrano
  capistrano-ext
  coveralls
  factory_girl (~> 1.3.2)
  gvis (< 2.0.0)
  highline
  hpricot
  mysql2 (= 0.3.13)
  net-scp
  net-sftp
  net-ssh
  net-ssh-gateway
  pry
  pry-remote
  rails (= 2.3.18)
  rake (= 0.9.2)
  rdoc (= 2.4.3)
  rspec (~> 1.3.1)
  rspec-rails (~> 1.3.3)
  shorturl
  test-unit (= 1.2.3)
  twitter
  will_paginate (= 2.3.16)
